GIT
  remote: git://github.com/pat/thinking-sphinx.git
  revision: 8f0e34b4a68494738d8dd5a1cb6bcf379adbf640
  ref: 8f0e34b4a68494738d8dd5a1cb6bcf379adbf640
  specs:
    thinking-sphinx (2.0.10)
      activerecord (>= 3.0.3)
      builder (>= 2.1.2)
      riddle (>= 1.5.0)

GIT
  remote: git://github.com/rails/prototype_legacy_helper.git
  revision: a2cd95c3e3c1a4f7a9566efdab5ce59c886cb05f
  specs:
    prototype_legacy_helper (0.0.0)

GIT
  remote: git://github.com/thoughtbot/paperclip.git
  revision: 144693101637b784ef3524749019ff8112c0df81
  specs:
    paperclip (3.5.2)
      activemodel (>= 3.0.0)
      activesupport (>= 3.0.0)
      cocaine (~> 0.5.3)
      mime-types

GEM
  remote: http://rubygems.org/
  specs:
    actionmailer (3.2.13)
      actionpack (= 3.2.13)
      mail (~> 2.5.3)
    actionpack (3.2.13)
      activemodel (= 3.2.13)
      activesupport (= 3.2.13)
      builder (~> 3.0.0)
      erubis (~> 2.7.0)
      journey (~> 1.0.4)
      rack (~> 1.4.5)
      rack-cache (~> 1.2)
      rack-test (~> 0.6.1)
      sprockets (~> 2.2.1)
    activemodel (3.2.13)
      activesupport (= 3.2.13)
      builder (~> 3.0.0)
    activerecord (3.2.13)
      activemodel (= 3.2.13)
      activesupport (= 3.2.13)
      arel (~> 3.0.2)
      tzinfo (~> 0.3.29)
    activeresource (3.2.13)
      activemodel (= 3.2.13)
      activesupport (= 3.2.13)
    activesupport (3.2.13)
      i18n (= 0.6.1)
      multi_json (~> 1.0)
    annotate (2.5.0)
      rake
    arel (3.0.2)
    builder (3.0.4)
    callsite (0.0.11)
    climate_control (0.0.3)
      activesupport (>= 3.0)
    cocaine (0.5.3)
      climate_control (>= 0.0.3, < 1.0)
    coffee-rails (3.2.2)
      coffee-script (>= 2.2.0)
      railties (~> 3.2.0)
    coffee-script (2.2.0)
      coffee-script-source
      execjs
    coffee-script-source (1.6.2)
    comma (3.0.4)
    daemons (1.1.9)
    diff-lcs (1.1.3)
    dynamic_form (1.1.4)
    erubis (2.7.0)
    eventmachine (1.0.3)
    eventmachine (1.0.3-x86-mingw32)
    exception_notification (3.0.1)
      actionmailer (>= 3.0.4)
    execjs (1.4.0)
      multi_json (~> 1.0)
    factory_girl (4.2.0)
      activesupport (>= 3.0.0)
    factory_girl_rails (4.2.1)
      factory_girl (~> 4.2.0)
      railties (>= 3.0.0)
    gruff (0.3.7)
    hike (1.2.2)
    i18n (0.6.1)
    journey (1.0.4)
    jquery-rails (2.2.1)
      railties (>= 3.0, < 5.0)
      thor (>= 0.14, < 2.0)
    json (1.7.7)
    libv8 (3.11.8.17)
    mail (2.5.3)
      i18n (>= 0.4.0)
      mime-types (~> 1.16)
      treetop (~> 1.4.8)
    meta_request (0.2.8)
      callsite
      rack-contrib
      railties
    mime-types (1.23)
    multi_json (1.7.2)
    mysql2 (0.3.13)
    open4 (1.3.0)
    polyglot (0.3.3)
    pothoven-attachment_fu (3.2.10)
    prototype-rails (3.2.1)
      rails (~> 3.2)
    quiet_assets (1.0.2)
      railties (>= 3.1, < 5.0)
    rack (1.4.5)
    rack-cache (1.2)
      rack (>= 0.4)
    rack-contrib (1.1.0)
      rack (>= 0.9.1)
    rack-ssl (1.3.3)
      rack
    rack-test (0.6.2)
      rack (>= 1.0)
    rails (3.2.13)
      actionmailer (= 3.2.13)
      actionpack (= 3.2.13)
      activerecord (= 3.2.13)
      activeresource (= 3.2.13)
      activesupport (= 3.2.13)
      bundler (~> 1.0)
      railties (= 3.2.13)
    railties (3.2.13)
      actionpack (= 3.2.13)
      activesupport (= 3.2.13)
      rack-ssl (~> 1.3.2)
      rake (>= 0.8.7)
      rdoc (~> 3.4)
      thor (>= 0.14.6, < 2.0)
    rake (10.0.4)
    rake-remote_task (2.2.1)
      open4 (~> 1.0)
      rake (>= 0.8, < 11.0)
    rdoc (3.12.2)
      json (~> 1.4)
    ref (1.0.4)
    riddle (1.5.5)
    rmagick (2.13.2)
    rspec (2.6.0)
      rspec-core (~> 2.6.0)
      rspec-expectations (~> 2.6.0)
      rspec-mocks (~> 2.6.0)
    rspec-core (2.6.4)
    rspec-expectations (2.6.0)
      diff-lcs (~> 1.1.2)
    rspec-mocks (2.6.0)
    rspec-rails (2.6.1)
      actionpack (~> 3.0)
      activesupport (~> 3.0)
      railties (~> 3.0)
      rspec (~> 2.6.0)
    sass (3.2.8)
    sass-rails (3.2.6)
      railties (~> 3.2.0)
      sass (>= 3.1.10)
      tilt (~> 1.3)
    sprockets (2.2.2)
      hike (~> 1.2)
      multi_json (~> 1.0)
      rack (~> 1.0)
      tilt (~> 1.1, != 1.3.0)
    test-unit (2.4.9)
    therubyracer (0.11.1)
      libv8 (~> 3.11.8.7)
      ref
    thin (1.5.1)
      daemons (>= 1.0.9)
      eventmachine (>= 0.12.6)
      rack (>= 1.0.0)
    thor (0.18.1)
    tilt (1.3.7)
    to-csv (1.0.3)
      activesupport (>= 2.3.5)
    treetop (1.4.12)
      polyglot
      polyglot (>= 0.3.1)
    ts-datetime-delta (1.0.2)
      thinking-sphinx (>= 1.3.8)
    tzinfo (0.3.37)
    uglifier (2.0.1)
      execjs (>= 0.3.0)
      multi_json (~> 1.0, >= 1.0.2)
    vlad (2.4.1)
      rake (>= 0.8, < 11.0)
      rake-remote_task (~> 2.1)
    will_paginate (3.0.4)

PLATFORMS
  ruby
  x86-mingw32

DEPENDENCIES
  annotate (>= 2.5.0)
  coffee-rails (~> 3.2.1)
  comma (~> 3.0)
  dynamic_form
  exception_notification
  factory_girl_rails
  gruff
  jquery-rails
  json (= 1.7.7)
  meta_request
  mysql2
  paperclip!
  pothoven-attachment_fu
  prototype-rails
  prototype_legacy_helper (= 0.0.0)!
  quiet_assets
  rails (= 3.2.13)
  rake
  rmagick
  rspec (~> 2.6)
  rspec-rails (~> 2.6.1.beta1)
  sass-rails (~> 3.2.3)
  test-unit (~> 2.4.0)
  therubyracer (= 0.11.1)
  thin
  thinking-sphinx!
  to-csv
  ts-datetime-delta (= 1.0.2)
  uglifier (>= 1.0.3)
  vlad
  will_paginate (>= 3.0.pre2)
